GIT
  remote: git://github.com/derikolsson/ruby-v2-sdk.git
  revision: 5bbec4b6943e290df451442a1529f6f1cd373e2d
  branch: ratelimit
  specs:
    ooyala-v2-api (0.0.8)
      json
      rake
      rdoc
      rest-client (~> 1.6.6)

GEM
  remote: https://rubygems.org/
  specs:
    aws-sdk (2.0.38)
      aws-sdk-resources (= 2.0.38)
    aws-sdk-core (2.0.38)
      builder (~> 3.0)
      jmespath (~> 1.0)
      multi_json (~> 1.0)
    aws-sdk-resources (2.0.38)
      aws-sdk-core (= 2.0.38)
    builder (3.2.2)
    curb (0.8.8)
    jmespath (1.0.2)
      multi_json (~> 1.0)
    json (1.8.2)
    mime-types (1.25.1)
    mini_magick (4.2.1)
    multi_json (1.11.0)
    rake (10.4.2)
    rdoc (4.2.0)
    rest-client (1.6.8)
      mime-types (~> 1.16)
      rdoc (>= 2.4.2)

PLATFORMS
  ruby

DEPENDENCIES
  aws-sdk
  curb
  mini_magick
  ooyala-v2-api (= 0.0.8)!
